GEM
  remote: https://rubygems.org/
  specs:
    minitest (5.5.0)

PLATFORMS
  ruby

DEPENDENCIES
  minitest (~> 5.0)
